GEM
  remote: https://rubygems.org/
  specs:
    addressable (2.8.1)
      public_suffix (>= 2.0.2, < 6.0)
    awesome_print (1.9.2)
    coderay (1.1.3)
    concurrent-ruby (1.1.10)
    concurrent-ruby-edge (0.6.0)
      concurrent-ruby (~> 1.1.6)
    concurrent-ruby-ext (1.1.10)
      concurrent-ruby (= 1.1.10)
    daemons (1.4.1)
    em-websocket (0.3.8)
      addressable (>= 2.1.1)
      eventmachine (>= 0.12.9)
    eventmachine (1.2.7)
    haml (6.1.1)
      temple (>= 0.8.2)
      thor
      tilt
    influxdb (0.8.1)
    method_source (1.0.0)
    multi_json (1.15.0)
    mustermann (3.0.0)
      ruby2_keywords (~> 0.0.1)
    prometheus-client (4.0.0)
    pry (0.14.2)
      coderay (~> 1.1)
      method_source (~> 1.0)
    public_suffix (5.0.1)
    rack (2.2.6.2)
    rack-protection (3.0.5)
      rack
    ruby2_keywords (0.0.5)
    sinatra (3.0.5)
      mustermann (~> 3.0)
      rack (~> 2.2, >= 2.2.4)
      rack-protection (= 3.0.5)
      tilt (~> 2.0)
    sinatra-contrib (3.0.5)
      multi_json
      mustermann (~> 3.0)
      rack-protection (= 3.0.5)
      sinatra (= 3.0.5)
      tilt (~> 2.0)
    sinatra-websocket (0.3.1)
      em-websocket (~> 0.3.6)
      eventmachine
      thin (>= 1.3.1, < 2.0.0)
    temple (0.9.1)
    thin (1.8.1)
      daemons (~> 1.0, >= 1.0.9)
      eventmachine (~> 1.0, >= 1.0.4)
      rack (>= 1, < 3)
    thor (1.2.1)
    tilt (2.0.11)

PLATFORMS
  x86_64-linux

DEPENDENCIES
  awesome_print
  concurrent-ruby
  concurrent-ruby-edge
  concurrent-ruby-ext
  eventmachine
  haml
  influxdb
  prometheus-client
  pry
  sinatra
  sinatra-contrib
  sinatra-websocket
  thin

BUNDLED WITH
   2.4.1
