GIT
  remote: https://github.com/eventmachine/eventmachine
  revision: 9cb13a8a62363df5ebcc414169a3deb2c1608528
  tag: v1.2.7
  specs:
    eventmachine (1.2.7)

GEM
  remote: https://rubygems.org/
  specs:
    addressable (2.6.0)
      public_suffix (>= 2.0.2, < 4.0)
    backports (3.13.0)
    daemons (1.3.1)
    em-websocket (0.3.8)
      addressable (>= 2.1.1)
      eventmachine (>= 0.12.9)
    haml (5.0.4)
      temple (>= 0.8.0)
      tilt
    json (1.8.6)
    multi_json (1.13.1)
    mustermann (1.0.3)
    prometheus-client (0.10.0)
    public_suffix (3.0.3)
    rack (2.0.7)
    rack-protection (2.0.5)
      rack
    ruby-metrics (0.9.3)
      json (~> 1.5, >= 1.5.5)
    rubyzip (2.0.0)
    sinatra (2.0.5)
      mustermann (~> 1.0)
      rack (~> 2.0)
      rack-protection (= 2.0.5)
      tilt (~> 2.0)
    sinatra-contrib (2.0.5)
      backports (>= 2.8.2)
      multi_json
      mustermann (~> 1.0)
      rack-protection (= 2.0.5)
      sinatra (= 2.0.5)
      tilt (>= 1.3, < 3)
    sinatra-websocket (0.3.1)
      em-websocket (~> 0.3.6)
      eventmachine
      thin (>= 1.3.1, < 2.0.0)
    temple (0.8.1)
    thin (1.7.2)
      daemons (~> 1.0, >= 1.0.9)
      eventmachine (~> 1.0, >= 1.0.4)
      rack (>= 1, < 3)
    tilt (2.0.9)

PLATFORMS
  ruby
  x64-mingw32

DEPENDENCIES
  eventmachine (= 1.2.7)!
  haml
  prometheus-client
  ruby-metrics
  rubyzip
  sinatra
  sinatra-contrib
  sinatra-websocket
  thin

BUNDLED WITH
   2.0.2
