GEM
  remote: https://rubygems.org/
  specs:
    awesome_print (1.9.2)
    coderay (1.1.3)
    concurrent-ruby (1.2.0)
    concurrent-ruby-edge (0.7.0)
      concurrent-ruby (~> 1.2.0)
    concurrent-ruby-ext (1.2.0)
      concurrent-ruby (= 1.2.0)
    ffi (1.15.5-java)
    haml (6.1.1)
      temple (>= 0.8.2)
      thor
      tilt
    haml (6.1.1-java)
      temple (>= 0.8.2)
      thor
      tilt
    influxdb (0.8.1)
    method_source (1.0.0)
    multi_json (1.15.0)
    mustermann (2.0.2)
      ruby2_keywords (~> 0.0.1)
    nio4r (2.5.8)
    nio4r (2.5.8-java)
    prometheus-client (4.0.0)
    pry (0.14.2)
      coderay (~> 1.1)
      method_source (~> 1.0)
    pry (0.14.2-java)
      coderay (~> 1.1)
      method_source (~> 1.0)
      spoon (~> 0.0)
    puma (6.0.2)
      nio4r (~> 2.0)
    puma (6.0.2-java)
      nio4r (~> 2.0)
    rack (2.2.6.2)
    rack-protection (2.2.4)
      rack
    ruby2_keywords (0.0.5)
    sinatra (2.2.4)
      mustermann (~> 2.0)
      rack (~> 2.2)
      rack-protection (= 2.2.4)
      tilt (~> 2.0)
    sinatra-contrib (2.2.4)
      multi_json
      mustermann (~> 2.0)
      rack-protection (= 2.2.4)
      sinatra (= 2.2.4)
      tilt (~> 2.0)
    spoon (0.0.6)
      ffi
    temple (0.10.0)
    thor (1.2.1)
    tilt (2.0.11)

PLATFORMS
  universal-java-1.8
  x86_64-linux

DEPENDENCIES
  awesome_print
  concurrent-ruby
  concurrent-ruby-edge
  concurrent-ruby-ext
  haml
  influxdb
  prometheus-client
  pry
  puma
  sinatra
  sinatra-contrib

BUNDLED WITH
   2.3.26
