GEM
  remote: https://rubygems.org/
  specs:
    activesupport (6.0.3)
      concurrent-ruby (~> 1.0, >= 1.0.2)
      i18n (>= 0.7, < 2)
      minitest (~> 5.1)
      tzinfo (~> 1.1)
      zeitwerk (~> 2.2, >= 2.2.2)
    addressable (2.7.0)
      public_suffix (>= 2.0.2, < 5.0)
    awesome_print (1.8.0)
    backports (3.15.0)
    coderay (1.1.2)
    concurrent-ruby (1.1.6)
    concurrent-ruby-edge (0.6.0)
      concurrent-ruby (~> 1.1.6)
    concurrent-ruby-ext (1.1.6)
      concurrent-ruby (= 1.1.6)
    daemons (1.3.1)
    em-websocket (0.3.8)
      addressable (>= 2.1.1)
      eventmachine (>= 0.12.9)
    eventmachine (1.2.7)
    haml (5.1.2)
      temple (>= 0.8.0)
      tilt
    i18n (1.8.2)
      concurrent-ruby (~> 1.0)
    method_source (1.0.0)
    minitest (5.14.0)
    multi_json (1.14.1)
    mustermann (1.0.3)
    prometheus-client (1.0.0)
    pry (0.13.1)
      coderay (~> 1.1)
      method_source (~> 1.0)
    public_suffix (4.0.1)
    rack (2.0.7)
    rack-protection (2.0.7)
      rack
    sinatra (2.0.7)
      mustermann (~> 1.0)
      rack (~> 2.0)
      rack-protection (= 2.0.7)
      tilt (~> 2.0)
    sinatra-contrib (2.0.7)
      backports (>= 2.8.2)
      multi_json
      mustermann (~> 1.0)
      rack-protection (= 2.0.7)
      sinatra (= 2.0.7)
      tilt (~> 2.0)
    sinatra-websocket (0.3.1)
      em-websocket (~> 0.3.6)
      eventmachine
      thin (>= 1.3.1, < 2.0.0)
    temple (0.8.2)
    thin (1.7.2)
      daemons (~> 1.0, >= 1.0.9)
      eventmachine (~> 1.0, >= 1.0.4)
      rack (>= 1, < 3)
    thread_safe (0.3.6)
    tilt (2.0.10)
    tzinfo (1.2.7)
      thread_safe (~> 0.1)
    zeitwerk (2.3.0)

PLATFORMS
  ruby

DEPENDENCIES
  activesupport
  awesome_print
  concurrent-ruby
  concurrent-ruby-edge
  concurrent-ruby-ext
  eventmachine
  haml
  prometheus-client
  pry
  sinatra
  sinatra-contrib
  sinatra-websocket
  thin

BUNDLED WITH
   1.17.3
